GEM
  remote: https://rubygems.org/
  specs:
    coderay (1.1.2)
    humanize (1.7.0)
    method_source (0.9.0)
    pry (0.11.3)
      coderay (~> 1.1.0)
      method_source (~> 0.9.0)
    words_counted (1.0.2)

PLATFORMS
  ruby

DEPENDENCIES
  humanize (~> 1.7.0)
  pry (~> 0.11.3)
  words_counted (~> 1.0.1)

RUBY VERSION
   ruby 2.3.1p112

BUNDLED WITH
   1.16.0
